GEM
  remote: https://rubygems.org/
  specs:
    daemons (1.1.9)
    eventmachine (0.12.10)
    json (1.7.7)
    rack (1.4.1)
    rack-protection (1.5.0)
      rack
    sinatra (1.4.3)
      rack (~> 1.4)
      rack-protection (~> 1.4)
      tilt (~> 1.3, >= 1.3.4)
    thin (1.4.1)
      daemons (>= 1.0.9)
      eventmachine (>= 0.12.6)
      rack (>= 1.0.0)
    tilt (1.4.1)

PLATFORMS
  ruby

DEPENDENCIES
  json
  sinatra (~> 1.4.3)
  thin
